PATH
  remote: .
  specs:
    marj (4.1.0)
      activejob (>= 7.1)
      activerecord (>= 7.1)

GEM
  remote: http://rubygems.org/
  specs:
    activejob (7.1.3)
      activesupport (= 7.1.3)
      globalid (>= 0.3.6)
    activemodel (7.1.3)
      activesupport (= 7.1.3)
    activerecord (7.1.3)
      activemodel (= 7.1.3)
      activesupport (= 7.1.3)
      timeout (>= 0.4.0)
    activesupport (7.1.3)
      base64
      bigdecimal
      concurrent-ruby (~> 1.0, >= 1.0.2)
      connection_pool (>= 2.2.5)
      drb
      i18n (>= 1.6, < 2)
      minitest (>= 5.1)
      mutex_m
      tzinfo (~> 2.0)
    ansi (1.5.0)
    ast (2.4.2)
    awesome_print (1.9.2)
    base64 (0.2.0)
    bigdecimal (3.1.6)
    concurrent-ruby (1.2.3)
    connection_pool (2.4.1)
    diff-lcs (1.5.0)
    docile (1.4.0)
    drb (2.2.0)
      ruby2_keywords
    fileutils (1.7.2)
    globalid (1.2.1)
      activesupport (>= 6.1)
    i18n (1.14.1)
      concurrent-ruby (~> 1.0)
    json (2.7.1)
    language_server-protocol (3.17.0.3)
    mini_portile2 (2.8.5)
    minitest (5.21.2)
    mutex_m (0.2.0)
    mysql2 (0.5.5)
    parallel (1.24.0)
    parser (3.3.0.5)
      ast (~> 2.4.1)
      racc
    pg (1.5.4)
    racc (1.7.3)
    rainbow (3.1.1)
    regexp_parser (2.9.0)
    rexml (3.2.6)
    rspec-core (3.12.2)
      rspec-support (~> 3.12.0)
    rspec-expectations (3.12.3)
      diff-lcs (>= 1.2.0, < 2.0)
      rspec-support (~> 3.12.0)
    rspec-mocks (3.12.6)
      diff-lcs (>= 1.2.0, < 2.0)
      rspec-support (~> 3.12.0)
    rspec-support (3.12.1)
    rubocop (1.60.2)
      json (~> 2.3)
      language_server-protocol (>= 3.17.0)
      parallel (~> 1.10)
      parser (>= 3.3.0.2)
      rainbow (>= 2.2.2, < 4.0)
      regexp_parser (>= 1.8, < 3.0)
      rexml (>= 3.2.5, < 4.0)
      rubocop-ast (>= 1.30.0, < 2.0)
      ruby-progressbar (~> 1.7)
      unicode-display_width (>= 2.4.0, < 3.0)
    rubocop-ast (1.30.0)
      parser (>= 3.2.1.0)
    ruby-progressbar (1.13.0)
    ruby2_keywords (0.0.5)
    simplecov (0.22.0)
      docile (~> 1.1)
      simplecov-html (~> 0.11)
      simplecov_json_formatter (~> 0.1)
    simplecov-console (0.9.1)
      ansi
      simplecov
      terminal-table
    simplecov-html (0.12.3)
    simplecov_json_formatter (0.1.4)
    sqlite3 (1.7.1)
      mini_portile2 (~> 2.8.0)
    sqlite3 (1.7.1-aarch64-linux)
    sqlite3 (1.7.1-arm-linux)
    sqlite3 (1.7.1-arm64-darwin)
    sqlite3 (1.7.1-x86-linux)
    sqlite3 (1.7.1-x86_64-darwin)
    sqlite3 (1.7.1-x86_64-linux)
    terminal-table (3.0.2)
      unicode-display_width (>= 1.1.1, < 3)
    timecop (0.9.8)
    timeout (0.4.1)
    tzinfo (2.0.6)
      concurrent-ruby (~> 1.0)
    unicode-display_width (2.5.0)
    yard (0.9.34)

PLATFORMS
  aarch64-linux
  arm-linux
  arm64-darwin
  ruby
  x86-linux
  x86_64-darwin
  x86_64-linux

DEPENDENCIES
  awesome_print (~> 1.0)
  fileutils (~> 1.0)
  marj!
  mysql2 (~> 0.0)
  pg (~> 1.0)
  rspec-core (~> 3.0)
  rspec-expectations (~> 3.0)
  rspec-mocks (~> 3.0)
  rubocop (~> 1.0)
  simplecov (~> 0.0)
  simplecov-console (~> 0.0)
  sqlite3 (~> 1.0)
  timecop (~> 0.0)
  yard (~> 0.0)

BUNDLED WITH
   2.4.12
